GEM
  specs:
    builder (3.1.4)
    cucumber (1.3.11)
      builder (>= 2.1.2)
      diff-lcs (>= 1.1.3)
      gherkin (~> 2.12)
      multi_json (>= 1.7.5, < 2.0)
      multi_test (>= 0.0.2)
    diff-lcs (1.2.5)
    gherkin (2.12.2)
      multi_json (~> 1.3)
    multi_json (1.9.2)
    multi_test (0.0.3)

PLATFORMS
  ruby

DEPENDENCIES
  cucumber
